GEM
  remote: https://rubygems.org/
  specs:
    actionmailer (3.2.19)
      actionpack (= 3.2.19)
      mail (~> 2.5.4)
    actionpack (3.2.19)
      activemodel (= 3.2.19)
      activesupport (= 3.2.19)
      builder (~> 3.0.0)
      erubis (~> 2.7.0)
      journey (~> 1.0.4)
      rack (~> 1.4.5)
      rack-cache (~> 1.2)
      rack-test (~> 0.6.1)
      sprockets (~> 2.2.1)
    activemodel (3.2.19)
      activesupport (= 3.2.19)
      builder (~> 3.0.0)
    activerecord (3.2.19)
      activemodel (= 3.2.19)
      activesupport (= 3.2.19)
      arel (~> 3.0.2)
      tzinfo (~> 0.3.29)
    activeresource (3.2.19)
      activemodel (= 3.2.19)
      activesupport (= 3.2.19)
    activesupport (3.2.19)
      i18n (~> 0.6, >= 0.6.4)
      multi_json (~> 1.0)
    acts_as_commentable_with_threading (1.2.0)
      activerecord (>= 3.0)
      activesupport (>= 3.0)
      awesome_nested_set (>= 2.0)
    arel (3.0.3)
    awesome_nested_set (2.1.6)
      activerecord (>= 3.0.0)
    bcrypt (3.1.7)
    better_errors (2.0.0)
      coderay (>= 1.0.0)
      erubis (>= 2.6.6)
      rack (>= 0.9.0)
    binding_of_caller (0.7.2)
      debug_inspector (>= 0.0.1)
    builder (3.0.4)
    carrierwave (0.10.0)
      activemodel (>= 3.2.0)
      activesupport (>= 3.2.0)
      json (>= 1.7)
      mime-types (>= 1.16)
    coderay (1.1.0)
    daemons (1.1.9)
    debug_inspector (0.0.2)
    delayed_job (4.0.4)
      activesupport (>= 3.0, < 4.2)
    delayed_job_active_record (4.0.2)
      activerecord (>= 3.0, < 4.2)
      delayed_job (>= 3.0, < 4.1)
    devise (3.3.0)
      bcrypt (~> 3.0)
      orm_adapter (~> 0.1)
      railties (>= 3.2.6, < 5)
      thread_safe (~> 0.1)
      warden (~> 1.2.3)
    dotenv (0.11.1)
      dotenv-deployment (~> 0.0.2)
    dotenv-deployment (0.0.2)
    erubis (2.7.0)
    eventmachine (1.0.3)
    excon (0.40.0)
    fog (1.24.0)
      fog-brightbox
      fog-core (~> 1.23)
      fog-json
      fog-radosgw (>= 0.0.2)
      fog-sakuracloud (>= 0.0.4)
      fog-softlayer
      ipaddress (~> 0.5)
      nokogiri (~> 1.5, >= 1.5.11)
    fog-brightbox (0.5.1)
      fog-core (~> 1.22)
      fog-json
      inflecto
    fog-core (1.24.0)
      builder
      excon (~> 0.38)
      formatador (~> 0.2)
      mime-types
      net-scp (~> 1.1)
      net-ssh (>= 2.1.3)
    fog-json (1.0.0)
      multi_json (~> 1.0)
    fog-radosgw (0.0.3)
      fog-core (>= 1.21.0)
      fog-json
      fog-xml (>= 0.0.1)
    fog-sakuracloud (0.1.1)
      fog-core
      fog-json
    fog-softlayer (0.3.20)
      fog-core
      fog-json
    fog-xml (0.1.0)
      fog-core
      nokogiri (~> 1.5, >= 1.5.11)
    foreman (0.75.0)
      dotenv (~> 0.11.1)
      thor (~> 0.19.1)
    formatador (0.2.5)
    has_scope (0.6.0.rc)
      actionpack (>= 3.2, < 5)
      activesupport (>= 3.2, < 5)
    hike (1.2.3)
    i18n (0.6.11)
    inflecto (0.0.2)
    inherited_resources (1.5.0)
      has_scope (~> 0.6.0.rc)
      responders (~> 1.0)
    ipaddress (0.8.0)
    jbuilder (2.1.3)
      activesupport (>= 3.0.0, < 5)
      multi_json (~> 1.2)
    journey (1.0.4)
    json (1.8.1)
    jwt (1.0.0)
    mail (2.5.4)
      mime-types (~> 1.16)
      treetop (~> 1.4.8)
    mime-types (1.25.1)
    mini_magick (4.0.0.rc)
    mini_portile (0.6.0)
    multi_json (1.10.1)
    net-scp (1.2.1)
      net-ssh (>= 2.6.5)
    net-ssh (2.9.1)
    nokogiri (1.6.3.1)
      mini_portile (= 0.6.0)
    orm_adapter (0.5.0)
    pg (0.17.1)
    polyamorous (1.1.0)
      activerecord (>= 3.0)
    polyglot (0.3.5)
    rack (1.4.5)
    rack-cache (1.2)
      rack (>= 0.4)
    rack-ssl (1.3.4)
      rack
    rack-test (0.6.2)
      rack (>= 1.0)
    rails (3.2.19)
      actionmailer (= 3.2.19)
      actionpack (= 3.2.19)
      activerecord (= 3.2.19)
      activeresource (= 3.2.19)
      activesupport (= 3.2.19)
      bundler (~> 1.0)
      railties (= 3.2.19)
    railties (3.2.19)
      actionpack (= 3.2.19)
      activesupport (= 3.2.19)
      rack-ssl (~> 1.3.2)
      rake (>= 0.8.7)
      rdoc (~> 3.4)
      thor (>= 0.14.6, < 2.0)
    rake (10.3.2)
    rdoc (3.12.2)
      json (~> 1.4)
    responders (1.1.1)
      railties (>= 3.2, < 4.2)
    sprockets (2.2.2)
      hike (~> 1.2)
      multi_json (~> 1.0)
      rack (~> 1.0)
      tilt (~> 1.1, != 1.3.0)
    squeel (1.2.1)
      activerecord (>= 3.0)
      activesupport (>= 3.0)
      polyamorous (~> 1.1.0)
    thin (1.6.2)
      daemons (>= 1.0.9)
      eventmachine (>= 1.0.0)
      rack (>= 1.0.0)
    thor (0.19.1)
    thread_safe (0.3.4)
    tilt (1.4.1)
    treetop (1.4.15)
      polyglot
      polyglot (>= 0.3.1)
    twilio-ruby (3.13.1)
      builder (>= 2.1.2)
      jwt (~> 1.0.0)
      multi_json (>= 1.3.0)
    tzinfo (0.3.41)
    warden (1.2.3)
      rack (>= 1.0)

PLATFORMS
  ruby

DEPENDENCIES
  acts_as_commentable_with_threading (= 1.2.0)
  better_errors (= 2.0.0)
  binding_of_caller (= 0.7.2)
  carrierwave (= 0.10.0)
  delayed_job_active_record
  devise (= 3.3.0)
  fog (= 1.24.0)
  foreman (= 0.75.0)
  inherited_resources (= 1.5.0)
  jbuilder (= 2.1.3)
  mini_magick (= 4.0.0.rc)
  pg (= 0.17.1)
  rails (= 3.2.19)
  squeel (= 1.2.1)
  thin (= 1.6.2)
  twilio-ruby
